GIT
  remote: https://github.com/kaylareopelle/opentelemetry-ruby-contrib
  revision: b0cace23725585d2b2a0d17f1f9c3f083ebf4add
  branch: logger-instrumentation
  glob: instrumentation/all/*.gemspec
  specs:
    opentelemetry-instrumentation-all (0.69.1)
      opentelemetry-instrumentation-active_model_serializers (~> 0.20.1)
      opentelemetry-instrumentation-aws_lambda (~> 0.1.0)
      opentelemetry-instrumentation-aws_sdk (~> 0.7.0)
      opentelemetry-instrumentation-bunny (~> 0.21.0)
      opentelemetry-instrumentation-concurrent_ruby (~> 0.21.1)
      opentelemetry-instrumentation-dalli (~> 0.25.0)
      opentelemetry-instrumentation-delayed_job (~> 0.22.0)
      opentelemetry-instrumentation-ethon (~> 0.21.1)
      opentelemetry-instrumentation-excon (~> 0.22.0)
      opentelemetry-instrumentation-faraday (~> 0.24.0)
      opentelemetry-instrumentation-grape (~> 0.2.0)
      opentelemetry-instrumentation-graphql (~> 0.28.0)
      opentelemetry-instrumentation-gruf (~> 0.2.0)
      opentelemetry-instrumentation-http (~> 0.23.1)
      opentelemetry-instrumentation-http_client (~> 0.22.1)
      opentelemetry-instrumentation-koala (~> 0.20.1)
      opentelemetry-instrumentation-lmdb (~> 0.22.1)
      opentelemetry-instrumentation-logger (~> 0.1.0)
      opentelemetry-instrumentation-mongo (~> 0.22.1)
      opentelemetry-instrumentation-mysql2 (~> 0.28.0)
      opentelemetry-instrumentation-net_http (~> 0.22.1)
      opentelemetry-instrumentation-pg (~> 0.29.0)
      opentelemetry-instrumentation-que (~> 0.8.0)
      opentelemetry-instrumentation-racecar (~> 0.3.0)
      opentelemetry-instrumentation-rack (~> 0.25.0)
      opentelemetry-instrumentation-rails (~> 0.33.0)
      opentelemetry-instrumentation-rake (~> 0.2.1)
      opentelemetry-instrumentation-rdkafka (~> 0.4.0)
      opentelemetry-instrumentation-redis (~> 0.25.1)
      opentelemetry-instrumentation-resque (~> 0.5.0)
      opentelemetry-instrumentation-restclient (~> 0.22.1)
      opentelemetry-instrumentation-ruby_kafka (~> 0.21.0)
      opentelemetry-instrumentation-sidekiq (~> 0.25.0)
      opentelemetry-instrumentation-sinatra (~> 0.24.0)
      opentelemetry-instrumentation-trilogy (~> 0.60.0)

GIT
  remote: https://github.com/kaylareopelle/opentelemetry-ruby-contrib
  revision: b0cace23725585d2b2a0d17f1f9c3f083ebf4add
  branch: logger-instrumentation
  glob: instrumentation/logger/*.gemspec
  specs:
    opentelemetry-instrumentation-logger (0.1.0)
      opentelemetry-instrumentation-base (~> 0.22)
      opentelemetry-logs-api (~> 0.1)

GEM
  remote: https://rubygems.org/
  specs:
    actioncable (8.0.2)
      actionpack (= 8.0.2)
      activesupport (= 8.0.2)
      nio4r (~> 2.0)
      websocket-driver (>= 0.6.1)
      zeitwerk (~> 2.6)
    actionmailbox (8.0.2)
      actionpack (= 8.0.2)
      activejob (= 8.0.2)
      activerecord (= 8.0.2)
      activestorage (= 8.0.2)
      activesupport (= 8.0.2)
      mail (>= 2.8.0)
    actionmailer (8.0.2)
      actionpack (= 8.0.2)
      actionview (= 8.0.2)
      activejob (= 8.0.2)
      activesupport (= 8.0.2)
      mail (>= 2.8.0)
      rails-dom-testing (~> 2.2)
    actionpack (8.0.2)
      actionview (= 8.0.2)
      activesupport (= 8.0.2)
      nokogiri (>= 1.8.5)
      rack (>= 2.2.4)
      rack-session (>= 1.0.1)
      rack-test (>= 0.6.3)
      rails-dom-testing (~> 2.2)
      rails-html-sanitizer (~> 1.6)
      useragent (~> 0.16)
    actiontext (8.0.2)
      actionpack (= 8.0.2)
      activerecord (= 8.0.2)
      activestorage (= 8.0.2)
      activesupport (= 8.0.2)
      globalid (>= 0.6.0)
      nokogiri (>= 1.8.5)
    actionview (8.0.2)
      activesupport (= 8.0.2)
      builder (~> 3.1)
      erubi (~> 1.11)
      rails-dom-testing (~> 2.2)
      rails-html-sanitizer (~> 1.6)
    activejob (8.0.2)
      activesupport (= 8.0.2)
      globalid (>= 0.3.6)
    activemodel (8.0.2)
      activesupport (= 8.0.2)
    activerecord (8.0.2)
      activemodel (= 8.0.2)
      activesupport (= 8.0.2)
      timeout (>= 0.4.0)
    activestorage (8.0.2)
      actionpack (= 8.0.2)
      activejob (= 8.0.2)
      activerecord (= 8.0.2)
      activesupport (= 8.0.2)
      marcel (~> 1.0)
    activesupport (8.0.2)
      base64
      benchmark (>= 0.3)
      bigdecimal
      concurrent-ruby (~> 1.0, >= 1.3.1)
      connection_pool (>= 2.2.5)
      drb
      i18n (>= 1.6, < 2)
      logger (>= 1.4.2)
      minitest (>= 5.1)
      securerandom (>= 0.3)
      tzinfo (~> 2.0, >= 2.0.5)
      uri (>= 0.13.1)
    base64 (0.2.0)
    benchmark (0.4.0)
    bigdecimal (3.1.9)
    builder (3.3.0)
    concurrent-ruby (1.3.5)
    connection_pool (2.5.0)
    crass (1.0.6)
    date (3.4.1)
    debug (1.9.2)
      irb (~> 1.10)
      reline (>= 0.3.8)
    drb (2.2.1)
    erubi (1.13.1)
    globalid (1.2.1)
      activesupport (>= 6.1)
    google-protobuf (4.30.1)
      bigdecimal
      rake (>= 13)
    google-protobuf (4.30.1-aarch64-linux)
      bigdecimal
      rake (>= 13)
    google-protobuf (4.30.1-arm64-darwin)
      bigdecimal
      rake (>= 13)
    google-protobuf (4.30.1-x86-linux)
      bigdecimal
      rake (>= 13)
    google-protobuf (4.30.1-x86_64-darwin)
      bigdecimal
      rake (>= 13)
    google-protobuf (4.30.1-x86_64-linux)
      bigdecimal
      rake (>= 13)
    googleapis-common-protos-types (1.18.0)
      google-protobuf (>= 3.18, < 5.a)
    i18n (1.14.7)
      concurrent-ruby (~> 1.0)
    io-console (0.7.2)
    irb (1.14.0)
      rdoc (>= 4.0.0)
      reline (>= 0.4.2)
    logger (1.6.6)
    loofah (2.24.0)
      crass (~> 1.0.2)
      nokogiri (>= 1.12.0)
    mail (2.8.1)
      mini_mime (>= 0.1.1)
      net-imap
      net-pop
      net-smtp
    marcel (1.0.4)
    mini_mime (1.1.5)
    mini_portile2 (2.8.8)
    minitest (5.25.1)
    net-imap (0.5.6)
      date
      net-protocol
    net-pop (0.1.2)
      net-protocol
    net-protocol (0.2.2)
      timeout
    net-smtp (0.5.1)
      net-protocol
    nio4r (2.7.4)
    nokogiri (1.18.4)
      mini_portile2 (~> 2.8.2)
      racc (~> 1.4)
    nokogiri (1.18.4-aarch64-linux-gnu)
      racc (~> 1.4)
    nokogiri (1.18.4-arm-linux-gnu)
      racc (~> 1.4)
    nokogiri (1.18.4-arm64-darwin)
      racc (~> 1.4)
    nokogiri (1.18.4-x86_64-darwin)
      racc (~> 1.4)
    nokogiri (1.18.4-x86_64-linux-gnu)
      racc (~> 1.4)
    opentelemetry-api (1.5.0)
    opentelemetry-common (0.22.0)
      opentelemetry-api (~> 1.0)
    opentelemetry-exporter-otlp (0.29.0)
      google-protobuf (>= 3.18)
      googleapis-common-protos-types (~> 1.3)
      opentelemetry-api (~> 1.1)
      opentelemetry-common (~> 0.20)
      opentelemetry-sdk (~> 1.2)
      opentelemetry-semantic_conventions
    opentelemetry-exporter-otlp-logs (0.2.0)
      google-protobuf (>= 3.18)
      googleapis-common-protos-types (~> 1.3)
      opentelemetry-api (~> 1.1)
      opentelemetry-common (~> 0.20)
      opentelemetry-logs-api (~> 0.1)
      opentelemetry-logs-sdk (~> 0.1)
      opentelemetry-sdk
      opentelemetry-semantic_conventions
    opentelemetry-helpers-mysql (0.1.2)
      opentelemetry-api (~> 1.0)
      opentelemetry-common (~> 0.21)
    opentelemetry-helpers-sql-obfuscation (0.2.1)
      opentelemetry-common (~> 0.21)
    opentelemetry-instrumentation-action_mailer (0.2.0)
      opentelemetry-api (~> 1.0)
      opentelemetry-instrumentation-active_support (~> 0.1)
      opentelemetry-instrumentation-base (~> 0.22.1)
    opentelemetry-instrumentation-action_pack (0.10.0)
      opentelemetry-api (~> 1.0)
      opentelemetry-instrumentation-base (~> 0.22.1)
      opentelemetry-instrumentation-rack (~> 0.21)
    opentelemetry-instrumentation-action_view (0.7.3)
      opentelemetry-api (~> 1.0)
      opentelemetry-instrumentation-active_support (~> 0.6)
      opentelemetry-instrumentation-base (~> 0.22.1)
    opentelemetry-instrumentation-active_job (0.7.8)
      opentelemetry-api (~> 1.0)
      opentelemetry-instrumentation-base (~> 0.22.1)
    opentelemetry-instrumentation-active_model_serializers (0.20.3)
      opentelemetry-api (~> 1.0)
      opentelemetry-instrumentation-active_support (>= 0.6.0)
      opentelemetry-instrumentation-base (~> 0.22.1)
    opentelemetry-instrumentation-active_record (0.8.1)
      opentelemetry-api (~> 1.0)
      opentelemetry-instrumentation-base (~> 0.22.1)
    opentelemetry-instrumentation-active_support (0.6.0)
      opentelemetry-api (~> 1.0)
      opentelemetry-instrumentation-base (~> 0.22.1)
    opentelemetry-instrumentation-aws_lambda (0.1.1)
      opentelemetry-api (~> 1.0)
      opentelemetry-instrumentation-base (~> 0.22.1)
    opentelemetry-instrumentation-aws_sdk (0.7.0)
      opentelemetry-api (~> 1.0)
      opentelemetry-instrumentation-base (~> 0.22.1)
    opentelemetry-instrumentation-base (0.22.6)
      opentelemetry-api (~> 1.0)
      opentelemetry-common (~> 0.21)
      opentelemetry-registry (~> 0.1)
    opentelemetry-instrumentation-bunny (0.21.4)
      opentelemetry-api (~> 1.0)
      opentelemetry-instrumentation-base (~> 0.22.1)
    opentelemetry-instrumentation-concurrent_ruby (0.21.4)
      opentelemetry-api (~> 1.0)
      opentelemetry-instrumentation-base (~> 0.22.1)
    opentelemetry-instrumentation-dalli (0.25.4)
      opentelemetry-api (~> 1.0)
      opentelemetry-instrumentation-base (~> 0.22.1)
    opentelemetry-instrumentation-delayed_job (0.22.4)
      opentelemetry-api (~> 1.0)
      opentelemetry-instrumentation-base (~> 0.22.1)
    opentelemetry-instrumentation-ethon (0.21.9)
      opentelemetry-api (~> 1.0)
      opentelemetry-instrumentation-base (~> 0.22.1)
    opentelemetry-instrumentation-excon (0.22.5)
      opentelemetry-api (~> 1.0)
      opentelemetry-instrumentation-base (~> 0.22.1)
    opentelemetry-instrumentation-faraday (0.24.7)
      opentelemetry-api (~> 1.0)
      opentelemetry-instrumentation-base (~> 0.22.1)
    opentelemetry-instrumentation-grape (0.2.0)
      opentelemetry-api (~> 1.0)
      opentelemetry-instrumentation-base (~> 0.22.1)
      opentelemetry-instrumentation-rack (~> 0.21)
    opentelemetry-instrumentation-graphql (0.28.4)
      opentelemetry-api (~> 1.0)
      opentelemetry-instrumentation-base (~> 0.22.1)
    opentelemetry-instrumentation-gruf (0.2.1)
      opentelemetry-api (>= 1.0.0)
      opentelemetry-instrumentation-base (~> 0.22.1)
    opentelemetry-instrumentation-http (0.23.5)
      opentelemetry-api (~> 1.0)
      opentelemetry-instrumentation-base (~> 0.22.1)
    opentelemetry-instrumentation-http_client (0.22.8)
      opentelemetry-api (~> 1.0)
      opentelemetry-instrumentation-base (~> 0.22.1)
    opentelemetry-instrumentation-koala (0.20.5)
      opentelemetry-api (~> 1.0)
      opentelemetry-instrumentation-base (~> 0.22.1)
    opentelemetry-instrumentation-lmdb (0.22.3)
      opentelemetry-api (~> 1.0)
      opentelemetry-instrumentation-base (~> 0.22.1)
    opentelemetry-instrumentation-mongo (0.22.4)
      opentelemetry-api (~> 1.0)
      opentelemetry-instrumentation-base (~> 0.22.1)
    opentelemetry-instrumentation-mysql2 (0.28.0)
      opentelemetry-api (~> 1.0)
      opentelemetry-helpers-mysql
      opentelemetry-helpers-sql-obfuscation
      opentelemetry-instrumentation-base (~> 0.22.1)
    opentelemetry-instrumentation-net_http (0.22.8)
      opentelemetry-api (~> 1.0)
      opentelemetry-instrumentation-base (~> 0.22.1)
    opentelemetry-instrumentation-pg (0.29.1)
      opentelemetry-api (~> 1.0)
      opentelemetry-helpers-sql-obfuscation
      opentelemetry-instrumentation-base (~> 0.22.1)
    opentelemetry-instrumentation-que (0.8.4)
      opentelemetry-api (~> 1.0)
      opentelemetry-instrumentation-base (~> 0.22.1)
    opentelemetry-instrumentation-racecar (0.3.4)
      opentelemetry-api (~> 1.0)
      opentelemetry-instrumentation-base (~> 0.22.1)
    opentelemetry-instrumentation-rack (0.25.0)
      opentelemetry-api (~> 1.0)
      opentelemetry-instrumentation-base (~> 0.22.1)
    opentelemetry-instrumentation-rails (0.33.1)
      opentelemetry-api (~> 1.0)
      opentelemetry-instrumentation-action_mailer (~> 0.2.0)
      opentelemetry-instrumentation-action_pack (~> 0.10.0)
      opentelemetry-instrumentation-action_view (~> 0.7.0)
      opentelemetry-instrumentation-active_job (~> 0.7.0)
      opentelemetry-instrumentation-active_record (~> 0.8.0)
      opentelemetry-instrumentation-active_support (~> 0.6.0)
      opentelemetry-instrumentation-base (~> 0.22.1)
    opentelemetry-instrumentation-rake (0.2.2)
      opentelemetry-api (~> 1.0)
      opentelemetry-instrumentation-base (~> 0.22.1)
    opentelemetry-instrumentation-rdkafka (0.4.8)
      opentelemetry-api (~> 1.0)
      opentelemetry-instrumentation-base (~> 0.22.1)
    opentelemetry-instrumentation-redis (0.25.7)
      opentelemetry-api (~> 1.0)
      opentelemetry-instrumentation-base (~> 0.22.1)
    opentelemetry-instrumentation-resque (0.5.2)
      opentelemetry-api (~> 1.0)
      opentelemetry-instrumentation-base (~> 0.22.1)
    opentelemetry-instrumentation-restclient (0.22.8)
      opentelemetry-api (~> 1.0)
      opentelemetry-instrumentation-base (~> 0.22.1)
    opentelemetry-instrumentation-ruby_kafka (0.21.3)
      opentelemetry-api (~> 1.0)
      opentelemetry-instrumentation-base (~> 0.22.1)
    opentelemetry-instrumentation-sidekiq (0.25.7)
      opentelemetry-api (~> 1.0)
      opentelemetry-instrumentation-base (~> 0.22.1)
    opentelemetry-instrumentation-sinatra (0.24.1)
      opentelemetry-api (~> 1.0)
      opentelemetry-instrumentation-base (~> 0.22.1)
      opentelemetry-instrumentation-rack (~> 0.21)
    opentelemetry-instrumentation-trilogy (0.60.0)
      opentelemetry-api (~> 1.0)
      opentelemetry-helpers-mysql
      opentelemetry-helpers-sql-obfuscation
      opentelemetry-instrumentation-base (~> 0.22.1)
      opentelemetry-semantic_conventions (>= 1.8.0)
    opentelemetry-logs-api (0.2.0)
      opentelemetry-api (~> 1.0)
    opentelemetry-logs-sdk (0.2.0)
      opentelemetry-api (~> 1.2)
      opentelemetry-logs-api (~> 0.1)
      opentelemetry-sdk (~> 1.3)
    opentelemetry-registry (0.4.0)
      opentelemetry-api (~> 1.1)
    opentelemetry-sdk (1.6.0)
      opentelemetry-api (~> 1.1)
      opentelemetry-common (~> 0.20)
      opentelemetry-registry (~> 0.2)
      opentelemetry-semantic_conventions
    opentelemetry-semantic_conventions (1.11.0)
      opentelemetry-api (~> 1.0)
    opentelemetry-test-helpers (0.4.0)
    psych (5.1.2)
      stringio
    puma (6.4.3)
      nio4r (~> 2.0)
    racc (1.8.1)
    rack (3.1.12)
    rack-session (2.1.0)
      base64 (>= 0.1.0)
      rack (>= 3.0.0)
    rack-test (2.1.0)
      rack (>= 1.3)
    rackup (2.2.1)
      rack (>= 3)
    rails (8.0.2)
      actioncable (= 8.0.2)
      actionmailbox (= 8.0.2)
      actionmailer (= 8.0.2)
      actionpack (= 8.0.2)
      actiontext (= 8.0.2)
      actionview (= 8.0.2)
      activejob (= 8.0.2)
      activemodel (= 8.0.2)
      activerecord (= 8.0.2)
      activestorage (= 8.0.2)
      activesupport (= 8.0.2)
      bundler (>= 1.15.0)
      railties (= 8.0.2)
    rails-dom-testing (2.2.0)
      activesupport (>= 5.0.0)
      minitest
      nokogiri (>= 1.6)
    rails-html-sanitizer (1.6.2)
      loofah (~> 2.21)
      nokogiri (>= 1.15.7, != 1.16.7, != 1.16.6, != 1.16.5, != 1.16.4, != 1.16.3, != 1.16.2, != 1.16.1, != 1.16.0.rc1, != 1.16.0)
    railties (8.0.2)
      actionpack (= 8.0.2)
      activesupport (= 8.0.2)
      irb (~> 1.13)
      rackup (>= 1.0.0)
      rake (>= 12.2)
      thor (~> 1.0, >= 1.2.2)
      zeitwerk (~> 2.6)
    rake (13.2.1)
    rdoc (6.7.0)
      psych (>= 4.0.0)
    reline (0.5.10)
      io-console (~> 0.5)
    securerandom (0.4.1)
    sqlite3 (1.7.3-aarch64-linux)
    sqlite3 (1.7.3-arm-linux)
    sqlite3 (1.7.3-arm64-darwin)
    sqlite3 (1.7.3-x86-linux)
    sqlite3 (1.7.3-x86_64-darwin)
    sqlite3 (1.7.3-x86_64-linux)
    stringio (3.1.1)
    thor (1.3.2)
    timeout (0.4.3)
    tzinfo (2.0.6)
      concurrent-ruby (~> 1.0)
    uri (1.0.3)
    useragent (0.16.11)
    websocket-driver (0.7.7)
      base64
      websocket-extensions (>= 0.1.0)
    websocket-extensions (0.1.5)
    zeitwerk (2.7.2)

PLATFORMS
  aarch64-linux
  arm-linux
  arm64-darwin
  x86-linux
  x86_64-darwin
  x86_64-linux

DEPENDENCIES
  debug
  minitest
  opentelemetry-exporter-otlp
  opentelemetry-exporter-otlp-logs
  opentelemetry-instrumentation-all!
  opentelemetry-instrumentation-logger!
  opentelemetry-logs-sdk
  opentelemetry-sdk (~> 1.6)
  opentelemetry-test-helpers
  puma (~> 6.4)
  rack-test
  rails (~> 8.0.2)
  sqlite3 (~> 1.4)
  tzinfo-data

RUBY VERSION
   ruby 3.2.2p53

BUNDLED WITH
   2.5.5
